GEM
  remote: http://rubygems.org/
  specs:
    activemodel (3.2.6)
      activesupport (= 3.2.6)
      builder (~> 3.0.0)
    activesupport (3.2.6)
      i18n (~> 0.6)
      multi_json (~> 1.0)
    addressable (2.2.8)
    bson (1.6.4)
    bson_ext (1.6.4)
      bson (~> 1.6.4)
    builder (3.0.0)
    coffee-script (2.2.0)
      coffee-script-source
      execjs
    coffee-script-source (1.3.3)
    cookiejar (0.3.0)
    daemons (1.1.8)
    em-hiredis (0.1.1)
      hiredis (~> 0.4.0)
    em-http-request (1.0.2)
      addressable (>= 2.2.3)
      cookiejar
      em-socksify
      eventmachine (>= 1.0.0.beta.4)
      http_parser.rb (>= 0.5.3)
    em-socksify (0.2.0)
      eventmachine (>= 1.0.0.beta.4)
    em-websocket (0.3.6)
      addressable (>= 2.1.1)
      eventmachine (>= 0.12.9)
    eventmachine (1.0.0.rc.1)
    excon (0.14.0)
    execjs (1.4.0)
      multi_json (~> 1.0)
    faraday (0.8.1)
      multipart-post (~> 1.1)
    firehose (0.1.1)
      em-hiredis
      em-http-request (~> 1.0.0)
      eventmachine (>= 1.0.0.beta)
      faraday
      thin
      thor
      websocket-rack
    haml (3.1.6)
    heroku (2.26.7)
      heroku-api (~> 0.2.4)
      launchy (>= 0.3.2)
      netrc (~> 0.7.4)
      rest-client (~> 1.6.1)
      rubyzip
    heroku-api (0.2.4)
      excon (~> 0.14.0)
    hike (1.2.1)
    hiredis (0.4.5)
    http_parser.rb (0.5.3)
    i18n (0.6.0)
    json (1.7.3)
    launchy (2.1.0)
      addressable (~> 2.2.6)
    mime-types (1.18)
    mongo (1.6.4)
      bson (~> 1.6.4)
    mongo_mapper (0.11.1)
      activemodel (~> 3.0)
      activesupport (~> 3.0)
      plucky (~> 0.4.0)
    multi_json (1.3.6)
    multipart-post (1.1.5)
    netrc (0.7.4)
    oauth (0.4.6)
    plucky (0.4.4)
      mongo (~> 1.5)
    rack (1.4.1)
    rack-protection (1.2.0)
      rack
    rack-proxy (0.3.7)
      rack
    rest-client (1.6.7)
      mime-types (>= 1.16)
    rubyzip (0.9.8)
    sass (3.1.19)
    sinatra (1.3.2)
      rack (~> 1.3, >= 1.3.6)
      rack-protection (~> 1.2)
      tilt (~> 1.3, >= 1.3.3)
    sinatra-twitter-oauth (0.0.3)
    sprockets (2.4.3)
      hike (~> 1.2)
      multi_json (~> 1.0)
      rack (~> 1.0)
      tilt (~> 1.1, != 1.3.0)
    thin (1.3.1)
      daemons (>= 1.0.9)
      eventmachine (>= 0.12.6)
      rack (>= 1.0.0)
    thor (0.15.3)
    tilt (1.3.3)
    twitter_oauth (0.4.3)
      json (>= 1.1.9)
      mime-types (>= 1.16)
      oauth (>= 0.4.1)
    websocket-rack (0.4.0)
      em-websocket (~> 0.3.6)
      eventmachine (~> 1.0.0.beta.4)
      rack
      thin

PLATFORMS
  ruby

DEPENDENCIES
  bson_ext
  coffee-script
  firehose
  haml
  heroku
  mongo_mapper
  rack-proxy
  sass
  sinatra
  sinatra-twitter-oauth
  sprockets
  twitter_oauth
